GEM
  remote: https://rubygems.org/
  specs:
    addressable (2.3.3)
    colored (1.2)
    crack (0.3.2)
    diff-lcs (1.2.4)
    httparty (0.10.2)
      multi_json (~> 1.0)
      multi_xml (>= 0.5.2)
    json-schema (1.1.1)
    multi_json (1.6.1)
    multi_xml (0.5.3)
    rake (10.1.0)
    rspec (2.14.1)
      rspec-core (~> 2.14.0)
      rspec-expectations (~> 2.14.0)
      rspec-mocks (~> 2.14.0)
    rspec-core (2.14.4)
    rspec-expectations (2.14.0)
      diff-lcs (>= 1.1.3, < 2.0)
    rspec-mocks (2.14.1)
    webmock (1.11.0)
      addressable (>= 2.2.7)
      crack (>= 0.3.2)

PLATFORMS
  ruby

DEPENDENCIES
  colored
  httparty
  json-schema
  rake
  rspec (>= 2.14)
  webmock
