GEM
  remote: http://rubygems.org/
  specs:
    awesome_print (1.1.0)
    bourne (1.2.0)
      mocha (= 0.12.3)
    colored (1.2)
    diff-lcs (1.1.3)
    json (1.7.5)
    metaclass (0.0.1)
    mocha (0.12.3)
      metaclass (~> 0.0.1)
    rspec (2.12.0)
      rspec-core (~> 2.12.0)
      rspec-expectations (~> 2.12.0)
      rspec-mocks (~> 2.12.0)
    rspec-core (2.12.0)
    rspec-expectations (2.12.0)
      diff-lcs (~> 1.1.3)
    rspec-mocks (2.12.0)

PLATFORMS
  ruby

DEPENDENCIES
  awesome_print
  bourne
  colored
  json
  mocha
  rspec
